PATH
  remote: .
  specs:
    db_acts_as_versioned (4.0.1)
      activerecord (~> 5, < 7)

GEM
  remote: https://rubygems.org/
  specs:
    activemodel (5.2.6)
      activesupport (= 5.2.6)
    activerecord (5.2.6)
      activemodel (= 5.2.6)
      activesupport (= 5.2.6)
      arel (>= 9.0)
    activesupport (5.2.6)
      concurrent-ruby (~> 1.0, >= 1.0.2)
      i18n (>= 0.7, < 2)
      minitest (~> 5.1)
      tzinfo (~> 1.1)
    arel (9.0.0)
    concurrent-ruby (1.1.9)
    i18n (1.8.10)
      concurrent-ruby (~> 1.0)
    minitest (5.14.4)
    power_assert (2.0.1)
    rake (13.0.6)
    sqlite3 (1.3.13)
    test-unit (3.5.0)
      power_assert
    thread_safe (0.3.6)
    tzinfo (1.2.9)
      thread_safe (~> 0.1)

PLATFORMS
  x86_64-darwin-20
  x86_64-linux

DEPENDENCIES
  bundler
  db_acts_as_versioned!
  rake
  sqlite3 (~> 1.3.0)
  test-unit

BUNDLED WITH
   2.2.27
